GEM
  remote: http://rubygems.org/
  specs:
    activesupport (3.0.5)
    git (1.2.5)
    haml (3.0.25)
    i18n (0.5.0)
    jeweler (1.5.2)
      bundler (~> 1.0.0)
      git (>= 1.2.5)
      rake
    rake (0.8.7)
    shoulda (2.11.3)
    slim (0.9.0)
      temple (~> 0.1.7)
      tilt (~> 1.2)
    temple (0.1.7)
    tilt (1.2.2)
    trollop (1.16.2)
    vocco (0.0.0)
      tilt
      trollop
      why-hpricot
    why-hpricot (0.7.229)

PLATFORMS
  ruby

DEPENDENCIES
  activesupport
  bundler (~> 1.0.0)
  haml
  i18n
  jeweler (~> 1.5.2)
  shoulda
  slim
  tilt
  trollop
  vocco
  why-hpricot
